GEM
  remote: https://rubygems.org/
  specs:
    byebug (10.0.2)
    hashie (3.6.0)
    httparty (0.16.3)
      mime-types (~> 3.0)
      multi_xml (>= 0.5.2)
    mime-types (3.2.2)
      mime-types-data (~> 3.2015)
    mime-types-data (3.2018.0812)
    multi_xml (0.6.0)

PLATFORMS
  ruby

DEPENDENCIES
  byebug
  hashie
  httparty

RUBY VERSION
   ruby 2.3.3p222

BUNDLED WITH
   1.17.1
